PATH
  remote: .
  specs:
    haml2slim (0.4.3)
      haml (~> 3.0.0)
      nokogiri
      ruby_parser

GEM
  remote: http://rubygems.org/
  specs:
    haml (3.0.24)
    nokogiri (1.4.4)
    ruby_parser (2.0.5)
      sexp_processor (~> 3.0)
    sexp_processor (3.0.5)
    slim (0.8.3)
      temple (~> 0.1.6)
      tilt (~> 1.1)
    temple (0.1.6)
    tilt (1.1)

PLATFORMS
  ruby

DEPENDENCIES
  haml (~> 3.0.0)
  haml2slim!
  nokogiri
  ruby_parser
  slim (>= 0.8.3)
